PATH
  remote: .
  specs:
    hijacker (0.1.0)
      activerecord (~> 2.3.14)
      activesupport (~> 2.3.14)

GEM
  remote: https://rubygems.org/
  specs:
    activerecord (2.3.14)
      activesupport (= 2.3.14)
    activesupport (2.3.14)
    columnize (0.3.6)
    linecache (0.46)
      rbx-require-relative (> 0.0.4)
    rack (1.4.1)
    rack-test (0.6.1)
      rack (>= 1.0)
    rake (0.9.2.2)
    rbx-require-relative (0.0.5)
    rspec (1.3.2)
    ruby-debug (0.10.4)
      columnize (>= 0.1)
      ruby-debug-base (~> 0.10.4.0)
    ruby-debug-base (0.10.4)
      linecache (>= 0.3)
    sqlite3 (1.3.5)

PLATFORMS
  ruby

DEPENDENCIES
  hijacker!
  rack (~> 1.4.1)
  rack-test (~> 0.6.1)
  rake (~> 0.9.2)
  rspec (~> 1.3.2)
  ruby-debug (~> 0.10.4)
  sqlite3 (~> 1.3.5)
